GEM
  remote: http://rubygems.org/
  specs:
    activemodel (3.0.3)
      activesupport (= 3.0.3)
      builder (~> 2.1.2)
      i18n (~> 0.4)
    activeresource (3.0.3)
      activemodel (= 3.0.3)
      activesupport (= 3.0.3)
    activesupport (3.0.3)
    addressable (2.2.3)
    builder (2.1.2)
    git (1.2.5)
    hashie (1.0.0)
    i18n (0.5.0)
    jeweler (1.5.2)
      bundler (~> 1.0.0)
      git (>= 1.2.5)
      rake
    rake (0.8.7)
    rcov (0.9.9)
    shoulda (2.11.3)
    ticketmaster (0.6.6)
      activeresource
      activeresource (>= 2.3.2)
      activesupport (>= 2.3.2)
      activesupport
      hashie
      hashie (= 1.0.0)
      jeweler

PLATFORMS
  ruby

DEPENDENCIES
  activeresource (>= 2.3.2)
  activesupport (>= 2.3.2)
  addressable (>= 2.1.2)
  bundler (~> 1.0.0)
  jeweler (~> 1.5.1)
  rcov
  shoulda
  ticketmaster (>= 0.6.0)
